

GROUP Benchmark
STORAGE: NONE
RESTRICTION: == net9.0
NUGET
  remote: https://api.nuget.org/v3/index.json
    BenchmarkDotNet (0.14)
      BenchmarkDotNet.Annotations (>= 0.14)
      CommandLineParser (>= 2.9.1)
      Gee.External.Capstone (>= 2.3)
      Iced (>= 1.17)
      Microsoft.CodeAnalysis.CSharp (>= 4.1)
      Microsoft.Diagnostics.Runtime (>= 2.2.332302)
      Microsoft.Diagnostics.Tracing.TraceEvent (>= 3.1.8)
      Microsoft.DotNet.PlatformAbstractions (>= 3.1.6)
      Perfolizer (0.3.17)
      System.Management (>= 5.0)
    BenchmarkDotNet.Annotations (0.14)
    BenchmarkDotNet.Diagnostics.Windows (0.14)
      BenchmarkDotNet (>= 0.14)
      Microsoft.Diagnostics.Tracing.TraceEvent (>= 3.1.8)
    CommandLineParser (2.9.1)
    Gee.External.Capstone (2.3)
    Iced (1.21)
    Microsoft.CodeAnalysis.Analyzers (3.3.4)
    Microsoft.CodeAnalysis.Common (4.11)
      Microsoft.CodeAnalysis.Analyzers (>= 3.3.4)
      System.Collections.Immutable (>= 8.0)
      System.Reflection.Metadata (>= 8.0)
    Microsoft.CodeAnalysis.CSharp (4.11)
      Microsoft.CodeAnalysis.Analyzers (>= 3.3.4)
      Microsoft.CodeAnalysis.Common (4.11)
      System.Collections.Immutable (>= 8.0)
      System.Reflection.Metadata (>= 8.0)
    Microsoft.Diagnostics.NETCore.Client (0.2.532401)
      Microsoft.Extensions.Logging.Abstractions (>= 6.0.4)
    Microsoft.Diagnostics.Runtime (3.1.512801)
      Microsoft.Diagnostics.NETCore.Client (>= 0.2.410101)
    Microsoft.Diagnostics.Tracing.TraceEvent (3.1.15)
      Microsoft.Diagnostics.NETCore.Client (>= 0.2.510501)
      Microsoft.Win32.Registry (>= 5.0)
      System.Collections.Immutable (>= 8.0)
      System.Reflection.Metadata (>= 8.0)
      System.Reflection.TypeExtensions (>= 4.7)
      System.Runtime.CompilerServices.Unsafe (>= 6.0)
    Microsoft.DotNet.PlatformAbstractions (3.1.6)
    Microsoft.Extensions.DependencyInjection.Abstractions (8.0.1)
    Microsoft.Extensions.Logging.Abstractions (8.0.1)
      Microsoft.Extensions.DependencyInjection.Abstractions (>= 8.0.1)
    Microsoft.Win32.Registry (5.0)
      System.Security.AccessControl (>= 5.0)
      System.Security.Principal.Windows (>= 5.0)
    Perfolizer (0.3.17)
    System.CodeDom (8.0)
    System.Collections.Immutable (8.0)
    System.Management (8.0)
      System.CodeDom (>= 8.0)
    System.Reflection.Metadata (8.0)
      System.Collections.Immutable (>= 8.0)
    System.Reflection.TypeExtensions (4.7)
    System.Runtime.CompilerServices.Unsafe (6.0)
    System.Security.AccessControl (6.0.1)
    System.Security.Principal.Windows (5.0)

GROUP Common
STORAGE: NONE
RESTRICTION: == net9.0
NUGET
  remote: https://api.nuget.org/v3/index.json
    FastHashes (3.5)
    FSharp.Control.AsyncSeq (3.2.1)
      FSharp.Core (>= 4.7.2)
      Microsoft.Bcl.AsyncInterfaces (>= 5.0)
    FSharp.Control.TaskSeq (0.4)
      FSharp.Core (>= 6.0.1)
    FSharp.Core (8.0.400) - content: none
    FSharp.SystemTextJson (1.3.13)
      FSharp.Core (>= 4.7)
      System.Text.Json (>= 6.0)
    FsToolkit.ErrorHandling (4.16)
      FSharp.Core (>= 7.0.300)
    FsToolkit.ErrorHandling.AsyncSeq (4.16)
      FSharp.Control.AsyncSeq (>= 3.2.1)
      FsToolkit.ErrorHandling (>= 4.16)
    Microsoft.Bcl.AsyncInterfaces (8.0)
    Spectre.Console (0.49.1)
    StringBuffer (1.0.1)
      FSharp.Core (>= 6.0)
    System.Text.Encodings.Web (8.0)
    System.Text.Json (8.0.4)
      System.Text.Encodings.Web (>= 8.0)
    Zio (0.19.2)

GROUP Dcoumentation
STORAGE: NONE
RESTRICTION: == net9.0

GROUP Fody
STORAGE: NONE
RESTRICTION: == net9.0
NUGET
  remote: https://api.nuget.org/v3/index.json
    Fody (6.8.2) - copy_local: true
    InfoOf.Fody (2.2) - copy_local: true
      Fody (>= 6.8)
    InlineIL.Fody (1.9) - copy_local: true
      Fody (>= 6.8.1)
    LocalsInit.Fody (1.1) - copy_local: true
      Fody (>= 6.0)

GROUP Nava
STORAGE: NONE
RESTRICTION: == net9.0
NUGET
  remote: https://api.nuget.org/v3/index.json
    FSharp.Core (8.0.400) - content: none

GROUP Nava.Excel.Runtime
STORAGE: NONE
RESTRICTION: == net9.0
NUGET
  remote: https://api.nuget.org/v3/index.json
    FSharp.Core (8.0.400)
    FsToolkit.ErrorHandling (4.16)
      FSharp.Core (>= 7.0.300)
GITHUB
  remote: MarkPflug/Sylvan.Data.Excel
    source/Sylvan.Data.Excel/Packaging/Ole2Package+Ole2Entry.cs (e458b57c8650886db866e4e37a1ef3e4aa712c35)
    source/Sylvan.Data.Excel/Packaging/Ole2Package+Ole2Stream.cs (e458b57c8650886db866e4e37a1ef3e4aa712c35)
    source/Sylvan.Data.Excel/Packaging/Ole2Package.cs (e458b57c8650886db866e4e37a1ef3e4aa712c35)
GROUP Nava.Office
STORAGE: NONE
RESTRICTION: == net9.0
NUGET
  remote: https://api.nuget.org/v3/index.json
    AngleSharp (1.1.2)
      System.Text.Encoding.CodePages (>= 8.0)
    bblanchon.PDFium.Linux (130.0.6707)
    bblanchon.PDFium.macOS (130.0.6707)
    bblanchon.PDFium.Win32 (130.0.6707)
    FSharp.Core (8.0.400) - content: none
    PDFtoImage (4.1)
      bblanchon.PDFium.Linux (>= 128.0.6569)
      bblanchon.PDFium.macOS (>= 128.0.6569)
      bblanchon.PDFium.Win32 (>= 128.0.6569)
      SkiaSharp (>= 2.88.8)
      SkiaSharp.NativeAssets.Linux.NoDependencies (>= 2.88.8)
      SkiaSharp.NativeAssets.macOS (>= 2.88.8)
      SkiaSharp.NativeAssets.WebAssembly (>= 2.88.8)
      SkiaSharp.NativeAssets.Win32 (>= 2.88.8)
      Sungaila.PDFium.BlazorWebAssembly (>= 128.0.6569)
    SkiaSharp (2.88.8)
      SkiaSharp.NativeAssets.macOS (>= 2.88.8)
      SkiaSharp.NativeAssets.Win32 (>= 2.88.8)
    SkiaSharp.NativeAssets.Linux.NoDependencies (2.88.8)
      SkiaSharp (>= 2.88.8)
    SkiaSharp.NativeAssets.macOS (2.88.8)
    SkiaSharp.NativeAssets.WebAssembly (2.88.8)
    SkiaSharp.NativeAssets.Win32 (2.88.8)
    Sungaila.PDFium.BlazorWebAssembly (129.0.6666)
    System.Text.Encoding.CodePages (8.0)

GROUP Nava.Runtime
STORAGE: NONE
RESTRICTION: == net9.0
NUGET
  remote: https://api.nuget.org/v3/index.json
    FastHashes (3.5)
    FSharp.Core (8.0.400) - content: none
    FsToolkit.ErrorHandling (4.16)
      FSharp.Core (>= 7.0.300)
    Microsoft.Win32.Registry (5.0)
      System.Security.AccessControl (>= 5.0)
      System.Security.Principal.Windows (>= 5.0)
    System.Security.AccessControl (6.0.1)
    System.Security.Principal.Windows (5.0)
    Vanara.Core (4.0.4)
    Vanara.PInvoke.Cryptography (4.0.4)
      Vanara.Core (>= 4.0.4)
      Vanara.PInvoke.Shared (>= 4.0.4)
    Vanara.PInvoke.Gdi32 (4.0.4)
      Vanara.Core (>= 4.0.4)
      Vanara.PInvoke.Shared (>= 4.0.4)
    Vanara.PInvoke.Kernel32 (4.0.4)
      Vanara.Core (>= 4.0.4)
      Vanara.PInvoke.Shared (>= 4.0.4)
    Vanara.PInvoke.Ole (4.0.4)
      Vanara.Core (>= 4.0.4)
      Vanara.PInvoke.Rpc (>= 4.0.4)
      Vanara.PInvoke.Security (>= 4.0.4)
      Vanara.PInvoke.Shared (>= 4.0.4)
    Vanara.PInvoke.Rpc (4.0.4)
      Vanara.Core (>= 4.0.4)
      Vanara.PInvoke.Security (>= 4.0.4)
      Vanara.PInvoke.Shared (>= 4.0.4)
    Vanara.PInvoke.Security (4.0.4)
      Vanara.Core (>= 4.0.4)
      Vanara.PInvoke.Cryptography (>= 4.0.4)
      Vanara.PInvoke.Kernel32 (>= 4.0.4)
      Vanara.PInvoke.Shared (>= 4.0.4)
    Vanara.PInvoke.Shared (4.0.4)
      Microsoft.Win32.Registry (>= 5.0)
      Vanara.Core (>= 4.0.4)
    Vanara.PInvoke.User32 (4.0.4)
      Vanara.Core (>= 4.0.4)
      Vanara.PInvoke.Gdi32 (>= 4.0.4)
      Vanara.PInvoke.Kernel32 (>= 4.0.4)
      Vanara.PInvoke.Shared (>= 4.0.4)

GROUP Navika
STORAGE: NONE
RESTRICTION: == net9.0
NUGET
  remote: https://api.nuget.org/v3/index.json
    Avalonia (11.1.3)
      Avalonia.BuildServices (>= 0.0.29)
      Avalonia.Remote.Protocol (>= 11.1.3)
      MicroCom.Runtime (>= 0.11)
    Avalonia.Angle.Windows.Natives (2.1.22087.20231008)
    Avalonia.BuildServices (0.0.31)
    Avalonia.Controls.ColorPicker (11.1.3)
      Avalonia (>= 11.1.3)
      Avalonia.Remote.Protocol (>= 11.1.3)
    Avalonia.Controls.DataGrid (11.1.3)
      Avalonia (>= 11.1.3)
      Avalonia.Remote.Protocol (>= 11.1.3)
    Avalonia.Desktop (11.1.3)
      Avalonia (>= 11.1.3)
      Avalonia.Native (>= 11.1.3)
      Avalonia.Skia (>= 11.1.3)
      Avalonia.Win32 (>= 11.1.3)
      Avalonia.X11 (>= 11.1.3)
    Avalonia.Diagnostics (11.1.3)
      Avalonia (>= 11.1.3)
      Avalonia.Controls.ColorPicker (>= 11.1.3)
      Avalonia.Controls.DataGrid (>= 11.1.3)
      Avalonia.Themes.Simple (>= 11.1.3)
    Avalonia.FreeDesktop (11.1.3)
      Avalonia (>= 11.1.3)
      Tmds.DBus.Protocol (>= 0.16)
    Avalonia.FuncUI (1.5.1)
      Avalonia (>= 11.1)
      Avalonia.Controls.DataGrid (>= 11.1)
      FSharp.Core (>= 6.0)
    Avalonia.FuncUI.Elmish (1.5.1)
      Avalonia.FuncUI (>= 1.5.1)
      Elmish (>= 4.0)
      FSharp.Core (>= 6.0)
    Avalonia.Native (11.1.3)
      Avalonia (>= 11.1.3)
    Avalonia.Remote.Protocol (11.1.3)
    Avalonia.Skia (11.1.3)
      Avalonia (>= 11.1.3)
      HarfBuzzSharp (>= 7.3.0.2)
      HarfBuzzSharp.NativeAssets.Linux (>= 7.3.0.2)
      HarfBuzzSharp.NativeAssets.WebAssembly (>= 7.3.0.2)
      SkiaSharp (>= 2.88.8)
      SkiaSharp.NativeAssets.Linux (>= 2.88.8)
      SkiaSharp.NativeAssets.WebAssembly (>= 2.88.8)
    Avalonia.Svg.Skia (11.1.0.1)
      Avalonia (>= 11.1)
      Avalonia.Skia (>= 11.1)
      SkiaSharp (>= 2.88.8)
      Svg.Skia (>= 2.0.0.1)
    Avalonia.Themes.Simple (11.1.3)
      Avalonia (>= 11.1.3)
    Avalonia.Win32 (11.1.3)
      Avalonia (>= 11.1.3)
      Avalonia.Angle.Windows.Natives (>= 2.1.22045.20230930)
      System.Numerics.Vectors (>= 4.5)
    Avalonia.X11 (11.1.3)
      Avalonia (>= 11.1.3)
      Avalonia.FreeDesktop (>= 11.1.3)
      Avalonia.Skia (>= 11.1.3)
    Elmish (4.2)
    ExCSS (4.2.5)
    FluentAvalonia.FuncUI.Bindings (0.0.4)
      Avalonia.FuncUI (>= 1.4)
      FluentAvaloniaUI (>= 2.0.5)
      FSharp.Core (>= 8.0.300)
    FluentAvaloniaUI (2.1)
      Avalonia (>= 11.1)
      Avalonia.Controls.ColorPicker (>= 11.1)
      Avalonia.Controls.DataGrid (>= 11.1)
      Avalonia.Skia (>= 11.1)
      MicroCom.Runtime (>= 0.11)
    FSharp.Core (8.0.400) - content: none
    HarfBuzzSharp (7.3.0.2)
      HarfBuzzSharp.NativeAssets.macOS (>= 7.3.0.2)
      HarfBuzzSharp.NativeAssets.Win32 (>= 7.3.0.2)
    HarfBuzzSharp.NativeAssets.Linux (7.3.0.2)
      HarfBuzzSharp (>= 7.3.0.2)
    HarfBuzzSharp.NativeAssets.macOS (7.3.0.2)
    HarfBuzzSharp.NativeAssets.WebAssembly (7.3.0.2)
    HarfBuzzSharp.NativeAssets.Win32 (7.3.0.2)
    MicroCom.Runtime (0.11)
    ShimSkiaSharp (2.0.0.1)
    SkiaSharp (2.88.8)
      SkiaSharp.NativeAssets.macOS (>= 2.88.8)
      SkiaSharp.NativeAssets.Win32 (>= 2.88.8)
    SkiaSharp.HarfBuzz (2.88.8)
      HarfBuzzSharp (>= 7.3.0.2)
      SkiaSharp (>= 2.88.8)
    SkiaSharp.NativeAssets.Linux (2.88.8)
      SkiaSharp (>= 2.88.8)
    SkiaSharp.NativeAssets.macOS (2.88.8)
    SkiaSharp.NativeAssets.WebAssembly (2.88.8)
    SkiaSharp.NativeAssets.Win32 (2.88.8)
    Svg.Custom (2.0.0.1)
      ExCSS (>= 4.2.3)
    Svg.Model (2.0.0.1)
      ShimSkiaSharp (>= 2.0.0.1)
      Svg.Custom (>= 2.0.0.1)
    Svg.Skia (2.0.0.1)
      SkiaSharp (>= 2.88.8)
      SkiaSharp.HarfBuzz (>= 2.88.8)
      Svg.Custom (>= 2.0.0.1)
      Svg.Model (>= 2.0.0.1)
    System.IO.Pipelines (8.0)
    System.Numerics.Vectors (4.5)
    Tmds.DBus.Protocol (0.20)
      System.IO.Pipelines (>= 8.0)
    TypeShape (10.0)
      FSharp.Core (>= 4.5.4)

GROUP Navika.Forms
STORAGE: NONE
RESTRICTION: == net9.0
NUGET
  remote: https://api.nuget.org/v3/index.json
    Avalonia (11.1.3)
      Avalonia.BuildServices (>= 0.0.29)
      Avalonia.Remote.Protocol (>= 11.1.3)
      MicroCom.Runtime (>= 0.11)
    Avalonia.BuildServices (0.0.31)
    Avalonia.Controls.DataGrid (11.1.3)
      Avalonia (>= 11.1.3)
      Avalonia.Remote.Protocol (>= 11.1.3)
    Avalonia.FuncUI (1.5.1)
      Avalonia (>= 11.1)
      Avalonia.Controls.DataGrid (>= 11.1)
      FSharp.Core (>= 6.0)
    Avalonia.FuncUI.Elmish (1.5.1)
      Avalonia.FuncUI (>= 1.5.1)
      Elmish (>= 4.0)
      FSharp.Core (>= 6.0)
    Avalonia.Remote.Protocol (11.1.3)
    Elmish (4.2)
    FSharp.Core (8.0.400) - content: none
    FsToolkit.ErrorHandling (4.16)
      FSharp.Core (>= 7.0.300)
    MicroCom.Runtime (0.11)

GROUP Navika.Theme
STORAGE: NONE
RESTRICTION: == net9.0
NUGET
  remote: https://api.nuget.org/v3/index.json
    Avalonia (11.1.3)
      Avalonia.BuildServices (>= 0.0.29)
      Avalonia.Remote.Protocol (>= 11.1.3)
      MicroCom.Runtime (>= 0.11)
    Avalonia.Angle.Windows.Natives (2.1.22087.20231008)
    Avalonia.BuildServices (0.0.31)
    Avalonia.Desktop (11.1.3)
      Avalonia (>= 11.1.3)
      Avalonia.Native (>= 11.1.3)
      Avalonia.Skia (>= 11.1.3)
      Avalonia.Win32 (>= 11.1.3)
      Avalonia.X11 (>= 11.1.3)
    Avalonia.FreeDesktop (11.1.3)
      Avalonia (>= 11.1.3)
      Tmds.DBus.Protocol (>= 0.16)
    Avalonia.Native (11.1.3)
      Avalonia (>= 11.1.3)
    Avalonia.Remote.Protocol (11.1.3)
    Avalonia.Skia (11.1.3)
      Avalonia (>= 11.1.3)
      HarfBuzzSharp (>= 7.3.0.2)
      HarfBuzzSharp.NativeAssets.Linux (>= 7.3.0.2)
      HarfBuzzSharp.NativeAssets.WebAssembly (>= 7.3.0.2)
      SkiaSharp (>= 2.88.8)
      SkiaSharp.NativeAssets.Linux (>= 2.88.8)
      SkiaSharp.NativeAssets.WebAssembly (>= 2.88.8)
    Avalonia.Win32 (11.1.3)
      Avalonia (>= 11.1.3)
      Avalonia.Angle.Windows.Natives (>= 2.1.22045.20230930)
      System.Numerics.Vectors (>= 4.5)
    Avalonia.X11 (11.1.3)
      Avalonia (>= 11.1.3)
      Avalonia.FreeDesktop (>= 11.1.3)
      Avalonia.Skia (>= 11.1.3)
    FSharp.Core (8.0.400) - content: none
    FsToolkit.ErrorHandling (4.16)
      FSharp.Core (>= 7.0.300)
    HarfBuzzSharp (7.3.0.2)
      HarfBuzzSharp.NativeAssets.macOS (>= 7.3.0.2)
      HarfBuzzSharp.NativeAssets.Win32 (>= 7.3.0.2)
    HarfBuzzSharp.NativeAssets.Linux (7.3.0.2)
      HarfBuzzSharp (>= 7.3.0.2)
    HarfBuzzSharp.NativeAssets.macOS (7.3.0.2)
    HarfBuzzSharp.NativeAssets.WebAssembly (7.3.0.2)
    HarfBuzzSharp.NativeAssets.Win32 (7.3.0.2)
    MicroCom.Runtime (0.11)
    SkiaSharp (2.88.8)
      SkiaSharp.NativeAssets.macOS (>= 2.88.8)
      SkiaSharp.NativeAssets.Win32 (>= 2.88.8)
    SkiaSharp.NativeAssets.Linux (2.88.8)
      SkiaSharp (>= 2.88.8)
    SkiaSharp.NativeAssets.macOS (2.88.8)
    SkiaSharp.NativeAssets.WebAssembly (2.88.8)
    SkiaSharp.NativeAssets.Win32 (2.88.8)
    System.IO.Pipelines (8.0)
    System.Numerics.Vectors (4.5)
    Tmds.DBus.Protocol (0.20)
      System.IO.Pipelines (>= 8.0)

GROUP Tests
STORAGE: NONE
RESTRICTION: == net9.0
NUGET
  remote: https://api.nuget.org/v3/index.json
    coverlet.collector (6.0.2)
    CsCheck (4.0)
    FsCheck (3.0.0-rc3)
      FSharp.Core (>= 5.0.2)
    FsCheck.Xunit (3.0.0-rc3)
      FsCheck (3.0.0-rc3)
      FSharp.Core (>= 5.0.2)
      xunit.extensibility.execution (>= 2.4.1 < 3.0)
    FSharp.Core (8.0.400) - content: none
    FsUnit.xUnit (6.0.1)
      FSharp.Core (>= 5.0.2)
      NHamcrest (>= 3.4)
      xunit (>= 2.6.6)
    Microsoft.CodeCoverage (17.11.1)
    Microsoft.NET.Test.Sdk (17.11.1)
      Microsoft.CodeCoverage (>= 17.11.1)
      Microsoft.TestPlatform.TestHost (>= 17.11.1)
    Microsoft.TestPlatform.ObjectModel (17.11.1)
      System.Reflection.Metadata (>= 1.6)
    Microsoft.TestPlatform.TestHost (17.11.1)
      Microsoft.TestPlatform.ObjectModel (>= 17.11.1)
      Newtonsoft.Json (>= 13.0.1)
    Newtonsoft.Json (13.0.3)
    NHamcrest (3.4)
    System.Collections.Immutable (8.0)
    System.Reflection.Metadata (8.0)
      System.Collections.Immutable (>= 8.0)
    xunit (2.9)
      xunit.analyzers (>= 1.15)
      xunit.assert (>= 2.9)
      xunit.core (2.9)
    xunit.abstractions (2.0.3)
    xunit.analyzers (1.16)
    xunit.assert (2.9)
    xunit.core (2.9)
      xunit.extensibility.core (2.9)
      xunit.extensibility.execution (2.9)
    xunit.extensibility.core (2.9)
      xunit.abstractions (>= 2.0.3)
    xunit.extensibility.execution (2.9)
      xunit.extensibility.core (2.9)
    xunit.runner.visualstudio (2.8.2)
